PATH
  remote: .
  specs:
    network (0.3.3)
      chunky_png (= 1.3.4)
      helper_classes (= 0.3.2)
      hilink_modem (= 0.3.2)
      i18n (= 0.6.0)
      multi_json (= 1.0.3)
      serial_modem (= 0.3.2)

PATH
  remote: ../HelperClasses
  specs:
    helper_classes (0.3.2)

PATH
  remote: ../HilinkModem
  specs:
    hilink_modem (0.3.2)
      activesupport (~> 3.1)
      serialport (~> 1.3)

PATH
  remote: ../SerialModem
  specs:
    serial_modem (0.3.2)
      serialport (= 1.3.1)

GEM
  remote: https://rubygems.org/
  specs:
    activesupport (3.2.12)
      i18n (~> 0.6)
      multi_json (~> 1.0)
    chunky_png (1.3.4)
    i18n (0.6.0)
    multi_json (1.0.3)
    serialport (1.3.1)

PLATFORMS
  ruby

DEPENDENCIES
  helper_classes!
  hilink_modem!
  network!
  serial_modem!
